PATH
  remote: .
  specs:
    active_merchant_square (1.0.0)
      activemerchant (~> 1.66)

GEM
  remote: https://rubygems.org/
  specs:
    activemerchant (1.103.0)
      activesupport (>= 4.2)
      builder (>= 2.1.2, < 4.0.0)
      i18n (>= 0.6.9)
      nokogiri (~> 1.4)
    activesupport (6.0.2.1)
      concurrent-ruby (~> 1.0, >= 1.0.2)
      i18n (>= 0.7, < 2)
      minitest (~> 5.1)
      tzinfo (~> 1.1)
      zeitwerk (~> 2.2)
    builder (3.2.4)
    concurrent-ruby (1.1.5)
    i18n (1.8.2)
      concurrent-ruby (~> 1.0)
    mini_portile2 (2.4.0)
    minitest (5.14.0)
    mocha (1.11.2)
    nokogiri (1.10.7)
      mini_portile2 (~> 2.4.0)
    power_assert (1.1.5)
    rake (12.3.2)
    test-unit (3.3.5)
      power_assert
    thread_safe (0.3.6)
    tzinfo (1.2.6)
      thread_safe (~> 0.1)
    zeitwerk (2.2.2)

PLATFORMS
  ruby

DEPENDENCIES
  active_merchant_square!
  bundler (~> 2.1.4)
  mocha (~> 1)
  rake (~> 12.3.2)
  test-unit (~> 3)

BUNDLED WITH
   2.1.4
